PATH
  remote: .
  specs:
    foundation-sass-rails (5.5.4.0)
      sass (>= 3.3.0, < 3.5)

GEM
  remote: https://rubygems.org/
  specs:
    diff-lcs (1.3)
    rake (13.0.6)
    rspec (3.7.0)
      rspec-core (~> 3.7.0)
      rspec-expectations (~> 3.7.0)
      rspec-mocks (~> 3.7.0)
    rspec-core (3.7.1)
      rspec-support (~> 3.7.0)
    rspec-expectations (3.7.0)
      diff-lcs (>= 1.2.0, < 2.0)
      rspec-support (~> 3.7.0)
    rspec-mocks (3.7.0)
      diff-lcs (>= 1.2.0, < 2.0)
      rspec-support (~> 3.7.0)
    rspec-support (3.7.1)
    sass (3.4.25)

PLATFORMS
  ruby

DEPENDENCIES
  bundler (~> 1.17)
  foundation-sass-rails!
  rake (~> 13.0)
  rspec (~> 3.0)

BUNDLED WITH
   1.17.3
